{
	"TaskName": "p300",
	"Manufacturer": "Brain Products",
	"PowerLineFrequency": 60.0,
	"SamplingFrequency": 500.0,
	"SoftwareFilters": "n/a",
	"RecordingDuration": 672.14,
	"RecordingType": "continuous",
	"EEGReference": "FCz",
	"EEGGround": "Fpz",
	"EEGPlacementScheme": "10-05 system",
	"EEGChannelCount": 48,
	"EOGChannelCount": 0,
	"ECGChannelCount": 0,
	"EMGChannelCount": 0,
	"TriggerChannelCount": 0,
	"ManufacturersModelName": "BrainAmp (Brain Product GmbH)",
	"SoftwareVersions": "n/a",
	"HardwareFilters": "n/a",
	"TaskDescription": "BCI during motion (standing/walking/running) Trial duration: 1.0s.",
	"Instructions": "n/a",
	"CogAtlasID": "https://www.cognitiveatlas.org/task/id/tsk_GxjZBNiJorj1K/",
	"InstitutionName": "Korea University",
	"InstitutionAddress": "KR",
	"InstitutionalDepartmentName": "n/a",
	"CapManufacturer": "n/a",
	"CapManufacturersModelName": "n/a",
	"SubjectArtefactDescription": "Impedance kept below 50 kOhm",
	"DeviceSerialNumber": "n/a",
	"Description": "EEG recording.",
	"MISCChannelCount": 0
}